GEM
  remote: https://rubygems.org/
  specs:
    debug (1.9.0)
      irb (~> 1.10)
      reline (>= 0.3.8)
    io-console (0.6.0)
    irb (1.10.1)
      rdoc
      reline (>= 0.3.8)
    language_server-protocol (3.17.0.3)
    prism (0.19.0)
    psych (5.0.1)
      stringio
    rdoc (6.5.0)
      psych (>= 4.0.0)
    reline (0.4.1)
      io-console (~> 0.5)
    ruby-lsp (0.13.2)
      language_server-protocol (~> 3.17.0)
      prism (>= 0.19.0, < 0.20)
      sorbet-runtime (>= 0.5.5685)
    sorbet-runtime (0.5.11155)
    stringio (3.0.4)

PLATFORMS
  x86_64-darwin-22

DEPENDENCIES
  debug
  ruby-lsp

BUNDLED WITH
   2.4.10
