GEM
  remote: https://rubygems.org/
  specs:
    async (2.6.5)
      console (~> 1.10)
      fiber-annotation
      io-event (~> 1.1)
      timers (~> 4.1)
    console (1.23.3)
      fiber-annotation
      fiber-local
    debug (1.9.0)
      irb (~> 1.10)
      reline (>= 0.3.8)
    fiber-annotation (0.2.0)
    fiber-local (1.0.0)
    io-console (0.6.0)
    io-event (1.3.3)
    irb (1.10.1)
      rdoc
      reline (>= 0.3.8)
    language_server-protocol (3.17.0.3)
    prism (0.19.0)
    psych (5.0.1)
      stringio
    rdoc (6.5.0)
      psych (>= 4.0.0)
    reline (0.4.1)
      io-console (~> 0.5)
    ruby-lsp (0.13.2)
      language_server-protocol (~> 3.17.0)
      prism (>= 0.19.0, < 0.20)
      sorbet-runtime (>= 0.5.5685)
    sorbet-runtime (0.5.11155)
    stringio (3.0.4)
    timers (4.3.5)

PLATFORMS
  x86_64-darwin-22

DEPENDENCIES
  async
  debug
  ruby-lsp

BUNDLED WITH
   2.4.10
